GEM
  remote: https://rubygems.org/
  specs:
    httparty (0.21.0)
      mini_mime (>= 1.0.0)
      multi_xml (>= 0.5.2)
    mini_mime (1.1.2)
    multi_xml (0.6.0)
    optparse (0.3.1)

PLATFORMS
  arm64-darwin-21

DEPENDENCIES
  httparty
  optparse

BUNDLED WITH
   2.3.24
